GIT
  remote: git://github.com/lotus/controller.git
  revision: 1eb776a9af5a57ab943d5b8b6a920d039bc7e792
  specs:
    lotus-controller (0.5.0)
      lotus-utils (~> 0.6)
      lotus-validations (~> 0.3, >= 0.3.3)
      rack (~> 1.6, >= 1.6.2)

GIT
  remote: git://github.com/lotus/helpers.git
  revision: 09f3f28f4ad8ab3ec005ebe6acd5152a87d83680
  specs:
    lotus-helpers (0.2.5)
      lotus-utils (~> 0.6)

GIT
  remote: git://github.com/lotus/lotus.git
  revision: 36f2d89c69717eb1875c503facb82110f21c7e00
  specs:
    lotusrb (0.5.0)
      bundler (~> 1.6)
      dotenv (~> 2.0)
      lotus-controller (~> 0.4, >= 0.4.5)
      lotus-helpers (~> 0.2, >= 0.2.5)
      lotus-mailer (~> 0.1)
      lotus-router (~> 0.4, >= 0.4.3)
      lotus-utils (~> 0.6)
      lotus-view (~> 0.4, >= 0.4.4)
      shotgun (~> 0.9)
      thor (~> 0.19)

GIT
  remote: git://github.com/lotus/mailer.git
  revision: 6198317e79768b8d49d579cb4a94bc02c03b1ad6
  specs:
    lotus-mailer (0.1.0)
      lotus-utils (~> 0.6)
      mail (~> 2.5)
      tilt (~> 2.0, >= 2.0.1)

GIT
  remote: git://github.com/lotus/model.git
  revision: 9fc5c9022d0921548a119a158b6ede30b42352ab
  specs:
    lotus-model (0.5.0)
      lotus-utils (~> 0.6)
      sequel (~> 4.9)

GIT
  remote: git://github.com/lotus/router.git
  revision: f2b76da72d5cf60ce15e25eddc459f3c2afcffc0
  specs:
    lotus-router (0.5.0)
      http_router (~> 0.11)
      lotus-utils (~> 0.6)

GIT
  remote: git://github.com/lotus/utils.git
  revision: a3b6b0f05c94b4aea34ee0079a460ba35602156f
  specs:
    lotus-utils (0.6.0)

GIT
  remote: git://github.com/lotus/validations.git
  revision: a893bbb2abb8fa0f2dd0a93743f566e0d00b4302
  specs:
    lotus-validations (0.3.3)
      lotus-utils (~> 0.6)

GIT
  remote: git://github.com/lotus/view.git
  revision: d588671ceb1dc2ad15dd9b81d24ba45e7f42b2ae
  specs:
    lotus-view (0.5.0)
      lotus-utils (~> 0.6)
      tilt (~> 2.0, >= 2.0.1)

GEM
  remote: https://rubygems.org/
  specs:
    activesupport (4.2.4)
      i18n (~> 0.7)
      json (~> 1.7, >= 1.7.7)
      minitest (~> 5.1)
      thread_safe (~> 0.3, >= 0.3.4)
      tzinfo (~> 1.1)
    byebug (6.0.2)
    capybara (2.5.0)
      mime-types (>= 1.16)
      nokogiri (>= 1.3.3)
      rack (>= 1.0.0)
      rack-test (>= 0.5.4)
      xpath (~> 2.0)
    diff-lcs (1.2.5)
    dotenv (2.0.2)
    http_router (0.11.2)
      rack (>= 1.0.0)
      url_mount (~> 0.2.1)
    i18n (0.7.0)
    json (1.8.3)
    jsonapi-serializers (0.3.0)
      activesupport
    mail (2.6.3)
      mime-types (>= 1.16, < 3)
    mime-types (2.6.2)
    mini_portile (0.6.2)
    minitest (5.8.2)
    nokogiri (1.6.6.2)
      mini_portile (~> 0.6.0)
    pg (0.18.3)
    rack (1.6.4)
    rack-cors (0.4.0)
    rack-test (0.6.3)
      rack (>= 1.0)
    rake (10.4.2)
    rspec (3.3.0)
      rspec-core (~> 3.3.0)
      rspec-expectations (~> 3.3.0)
      rspec-mocks (~> 3.3.0)
    rspec-core (3.3.2)
      rspec-support (~> 3.3.0)
    rspec-expectations (3.3.1)
      diff-lcs (>= 1.2.0, < 2.0)
      rspec-support (~> 3.3.0)
    rspec-mocks (3.3.2)
      diff-lcs (>= 1.2.0, < 2.0)
      rspec-support (~> 3.3.0)
    rspec-support (3.3.0)
    sequel (4.27.0)
    shotgun (0.9.1)
      rack (>= 1.0)
    thor (0.19.1)
    thread_safe (0.3.5)
    tilt (2.0.1)
    tzinfo (1.2.2)
      thread_safe (~> 0.1)
    url_mount (0.2.1)
      rack
    xpath (2.0.0)
      nokogiri (~> 1.3)

PLATFORMS
  ruby

DEPENDENCIES
  bundler
  byebug
  capybara
  jsonapi-serializers
  lotus-controller!
  lotus-helpers!
  lotus-mailer!
  lotus-model!
  lotus-router!
  lotus-utils!
  lotus-validations!
  lotus-view!
  lotusrb!
  pg
  rack-cors
  rack-test
  rake
  rspec

BUNDLED WITH
   1.10.6
